GEM
  remote: https://rubygems.org/
  specs:
    albacore (2.3.22)
      map (~> 6.5)
      nokogiri (~> 1.5)
      rake (~> 10)
      semver2 (~> 3.4)
    arr-pm (0.0.10)
      cabin (> 0)
    backports (3.6.4)
    cabin (0.7.1)
    childprocess (0.5.6)
      ffi (~> 1.0, >= 1.0.11)
    clamp (0.6.5)
    ffi (1.9.8)
    fpm (1.3.3)
      arr-pm (~> 0.0.9)
      backports (>= 2.6.2)
      cabin (>= 0.6.0)
      childprocess
      clamp (~> 0.6)
      ffi
      json (>= 1.7.7)
    json (1.8.2)
    map (6.5.5)
    mini_portile (0.6.2)
    net-ssh (2.7.0)
    nokogiri (1.6.6.2)
      mini_portile (~> 0.6.0)
    rake (10.4.2)
    semver2 (3.4.2)

PLATFORMS
  ruby

DEPENDENCIES
  albacore
  fpm
  net-ssh
  rake
